GEM
  remote: http://rubygems.org/
  specs:
    ZenTest (4.8.3)
    autotest-fsevent (0.2.8)
      sys-uname
    diff-lcs (1.2.1)
    ffi (1.4.0)
    git (1.2.5)
    jeweler (1.8.4)
      bundler (~> 1.0)
      git (>= 1.2.5)
      rake
      rdoc
    json (1.7.7)
    pg (0.14.1)
    rake (10.0.4)
    rdoc (3.12.2)
      json (~> 1.4)
    rspec (2.13.0)
      rspec-core (~> 2.13.0)
      rspec-expectations (~> 2.13.0)
      rspec-mocks (~> 2.13.0)
    rspec-core (2.13.0)
    rspec-expectations (2.13.0)
      diff-lcs (>= 1.1.3, < 2.0)
    rspec-mocks (2.13.0)
    spork (0.9.2)
    sys-uname (0.9.1)
      ffi (>= 1.0.0)

PLATFORMS
  ruby

DEPENDENCIES
  ZenTest
  autotest-fsevent
  bundler
  jeweler
  pg
  rspec
  spork
